GIT
  remote: git://github.com/jpmckinney/dragonfly.git
  revision: 8912e5bf4bb73a7f12be1a5126f451ad092b5919
  specs:
    dragonfly (0.9.8)
      rack

PATH
  remote: /Users/james/.rvm/gems/ruby-1.9.3-p194/bundler/gems/carrierwave-mongoid-28a9b718d42b
  specs:
    carrierwave-mongoid (0.3.0.alpha)
      carrierwave (~> 0.6.1)
      mongoid (~> 3.0.0)
      mongoid-grid_fs (~> 1.3.1)

GEM
  remote: https://rubygems.org/
  specs:
    actionmailer (3.2.13)
      actionpack (= 3.2.13)
      mail (~> 2.5.3)
    actionpack (3.2.13)
      activemodel (= 3.2.13)
      activesupport (= 3.2.13)
      builder (~> 3.0.0)
      erubis (~> 2.7.0)
      journey (~> 1.0.4)
      rack (~> 1.4.5)
      rack-cache (~> 1.2)
      rack-test (~> 0.6.1)
      sprockets (~> 2.2.1)
    activemodel (3.2.13)
      activesupport (= 3.2.13)
      builder (~> 3.0.0)
    activerecord (3.2.13)
      activemodel (= 3.2.13)
      activesupport (= 3.2.13)
      arel (~> 3.0.2)
      tzinfo (~> 0.3.29)
    activeresource (3.2.13)
      activemodel (= 3.2.13)
      activesupport (= 3.2.13)
    activesupport (3.2.13)
      i18n (= 0.6.1)
      multi_json (~> 1.0)
    airbrake (3.1.11)
      activesupport
      builder
      json
    andand (1.3.3)
    ansi (1.4.3)
    arel (3.0.2)
    bourne (1.4.0)
      mocha (~> 0.13.2)
    bson (1.8.5)
    builder (3.0.4)
    carrierwave (0.6.2)
      activemodel (>= 3.2.0)
      activesupport (>= 3.2.0)
    coffee-rails (3.2.2)
      coffee-script (>= 2.2.0)
      railties (~> 3.2.0)
    coffee-script (2.2.0)
      coffee-script-source
      execjs
    coffee-script-source (1.6.2)
    curb (0.7.18)
    dalli (2.6.2)
    diff-lcs (1.2.4)
    erubis (2.7.0)
    execjs (1.4.0)
      multi_json (~> 1.0)
    faraday (0.8.7)
      multipart-post (~> 1.1)
    feedzirra (0.0.31)
      activesupport (>= 3.0.8)
      builder (~> 3.0.0)
      curb (~> 0.7.15)
      i18n (>= 0.5.0)
      loofah (~> 1.0.0)
      nokogiri (~> 1.4.4)
      rake (>= 0.9.2)
      rdoc (~> 3.8)
      sax-machine (~> 0.0.20)
    haml (4.0.2)
      tilt
    haml-rails (0.4)
      actionpack (>= 3.1, < 4.1)
      activesupport (>= 3.1, < 4.1)
      haml (>= 3.1, < 4.1)
      railties (>= 3.1, < 4.1)
    has_scope (0.5.1)
    hashie (1.2.0)
    hike (1.2.2)
    home_run (1.0.9)
    i18n (0.6.1)
    inherited_resources (1.3.1)
      has_scope (~> 0.5.0)
      responders (~> 0.6)
    journey (1.0.4)
    jquery-rails (2.2.1)
      railties (>= 3.0, < 5.0)
      thor (>= 0.14, < 2.0)
    json (1.7.7)
    kgio (2.8.0)
    loofah (1.0.0)
      nokogiri (>= 1.3.3)
    mail (2.5.3)
      i18n (>= 0.4.0)
      mime-types (~> 1.16)
      treetop (~> 1.4.8)
    metaclass (0.0.1)
    mime-types (1.23)
    mocha (0.13.3)
      metaclass (~> 0.0.1)
    mongo (1.8.5)
      bson (~> 1.8.5)
    mongoid (3.0.23)
      activemodel (~> 3.1)
      moped (~> 1.2)
      origin (~> 1.0)
      tzinfo (~> 0.3.22)
    mongoid-grid_fs (1.3.3)
      mime-types (~> 1.19)
      mongoid (~> 3.0)
    mongoid-tree (1.0.1)
      mongoid (>= 3.0, <= 4.0)
    moped (1.4.5)
    multi_json (1.7.2)
    multipart-post (1.2.0)
    newrelic_rpm (3.5.3.25)
    nokogiri (1.4.7)
    origin (1.1.0)
    polyglot (0.3.3)
    popolo (0.0.2)
      inherited_resources (~> 1.3.1)
      mongoid (~> 3.0.17)
      mongoid-tree (~> 1.0.1)
      rails (~> 3.1)
    rack (1.4.5)
    rack-cache (1.2)
      rack (>= 0.4)
    rack-ssl (1.3.3)
      rack
    rack-test (0.6.2)
      rack (>= 1.0)
    rails (3.2.13)
      actionmailer (= 3.2.13)
      actionpack (= 3.2.13)
      activerecord (= 3.2.13)
      activeresource (= 3.2.13)
      activesupport (= 3.2.13)
      bundler (~> 1.0)
      railties (= 3.2.13)
    rails-i18n (0.7.3)
      i18n (~> 0.5)
    railties (3.2.13)
      actionpack (= 3.2.13)
      activesupport (= 3.2.13)
      rack-ssl (~> 1.3.2)
      rake (>= 0.8.7)
      rdoc (~> 3.4)
      thor (>= 0.14.6, < 2.0)
    raindrops (0.11.0)
    rake (10.0.4)
    rdoc (3.12.2)
      json (~> 1.4)
    responders (0.9.3)
      railties (~> 3.1)
    rest-client (1.6.7)
      mime-types (>= 1.16)
    ri_cal (0.8.8)
    rspec-core (2.13.1)
    rspec-expectations (2.13.0)
      diff-lcs (>= 1.1.3, < 2.0)
    rspec-mocks (2.13.1)
    rspec-rails (2.13.0)
      actionpack (>= 3.0)
      activesupport (>= 3.0)
      railties (>= 3.0)
      rspec-core (~> 2.13.0)
      rspec-expectations (~> 2.13.0)
      rspec-mocks (~> 2.13.0)
    sass (3.2.8)
    sass-rails (3.2.6)
      railties (~> 3.2.0)
      sass (>= 3.1.10)
      tilt (~> 1.3)
    sax-machine (0.0.20)
      nokogiri (> 0.0.0)
    shoulda-matchers (1.5.6)
      activesupport (>= 3.0.0)
      bourne (~> 1.3)
    sprockets (2.2.2)
      hike (~> 1.2)
      multi_json (~> 1.0)
      rack (~> 1.0)
      tilt (~> 1.1, != 1.3.0)
    thor (0.18.1)
    tilt (1.3.7)
    treetop (1.4.12)
      polyglot
      polyglot (>= 0.3.1)
    turn (0.9.6)
      ansi
    tzinfo (0.3.37)
    uglifier (2.0.1)
      execjs (>= 0.3.0)
      multi_json (~> 1.0, >= 1.0.2)
    unbreakable (0.0.6)
      activesupport (~> 3.1)
      hashie (~> 1.2.0)
      mongo (~> 1.4)
    unicode_utils (1.4.0)
    unicorn (4.6.2)
      kgio (~> 2.6)
      rack
      raindrops (~> 0.7)

PLATFORMS
  ruby

DEPENDENCIES
  airbrake
  andand
  carrierwave-mongoid!
  coffee-rails (~> 3.2.1)
  dalli
  dragonfly!
  faraday
  feedzirra
  haml-rails
  home_run
  jquery-rails
  mongoid (~> 3.0.6)
  mongoid-tree
  newrelic_rpm (= 3.5.3.25)
  nokogiri
  popolo
  rack-cache
  rails (= 3.2.13)
  rails-i18n
  rest-client
  ri_cal
  rspec-rails (~> 2.11)
  sass-rails (~> 3.2.3)
  shoulda-matchers (~> 1.0)
  turn
  uglifier (>= 1.0.3)
  unbreakable (~> 0.0.6)
  unicode_utils
  unicorn
